GEM
  remote: https://rubygems.org/
  specs:
    haml (4.0.7)
      tilt
    rack (1.6.4)
    rack-protection (1.5.3)
      rack
    ruby-ldap (0.9.18)
    sinatra (1.4.7)
      rack (~> 1.5)
      rack-protection (~> 1.4)
      tilt (>= 1.3, < 3)
    tilt (2.0.5)

PLATFORMS
  ruby

DEPENDENCIES
  haml
  ruby-ldap
  sinatra

BUNDLED WITH
   1.12.5
